GEM
  remote: http://rubygems.org/
  specs:
    actionmailer (0.6.1)
      actionpack (>= 0.9.5)
    actionpack (1.4.0)
    activemodel (3.0.9)
      activesupport (= 3.0.9)
      builder (~> 2.1.2)
      i18n (~> 0.5.0)
    activerecord (3.0.9)
      activemodel (= 3.0.9)
      activesupport (= 3.0.9)
      arel (~> 2.0.10)
      tzinfo (~> 0.3.23)
    activesupport (3.0.9)
    arel (2.0.10)
    builder (2.1.2)
    configuration (1.3.1)
    daemons (1.1.4)
    eventmachine (0.12.10)
    haml (3.1.2)
    heroku (2.3.6)
      launchy (>= 0.3.2)
      rest-client (~> 1.6.1)
      term-ansicolor (~> 1.0.5)
    i18n (0.5.0)
    launchy (0.4.0)
      configuration (>= 0.0.5)
      rake (>= 0.8.1)
    mime-types (1.16)
    newrelic_rpm (3.1.0)
    pg (0.11.0)
    rack (1.3.0)
    rails (0.9.5)
      actionmailer (>= 0.6.1)
      actionpack (>= 1.4.0)
      activerecord (>= 1.6.0)
      rake (>= 0.4.15)
    rake (0.9.2)
    rest-client (1.6.3)
      mime-types (>= 1.16)
    sass (3.1.4)
    sqlite3 (1.3.3)
    squeel (0.8.5)
      activerecord (~> 3.0)
      activesupport (~> 3.0)
    term-ansicolor (1.0.5)
    thin (1.2.11)
      daemons (>= 1.0.9)
      eventmachine (>= 0.12.6)
      rack (>= 1.0.0)
    tiny_mce (0.1.4)
    tzinfo (0.3.29)

PLATFORMS
  ruby

DEPENDENCIES
  haml
  heroku
  newrelic_rpm
  pg
  rails
  sass
  sqlite3
  squeel
  thin
  tiny_mce
